PATH
  remote: .
  specs:
    leapmotion (0.0.4)
      event_emitter
      hashie
      json
      websocket-client-simple

GEM
  remote: https://rubygems.org/
  specs:
    event_emitter (0.2.5)
    hashie (2.0.5)
    json (1.8.0)
    minitest (5.0.6)
    rake (10.1.0)
    websocket (1.1.1)
    websocket-client-simple (0.0.5)
      event_emitter
      websocket

PLATFORMS
  java
  ruby

DEPENDENCIES
  bundler (~> 1.3)
  leapmotion!
  minitest
  rake
